GEM
  remote: https://rubygems.org/
  specs:
    activesupport (4.2.4)
      i18n (~> 0.7)
      json (~> 1.7, >= 1.7.7)
      minitest (~> 5.1)
      thread_safe (~> 0.3, >= 0.3.4)
      tzinfo (~> 1.1)
    byebug (6.0.2)
    dotenv (2.0.2)
    fakeredis (0.5.0)
      redis (~> 3.0)
    i18n (0.7.0)
    json (1.8.3)
    mem (0.1.5)
    minitest (5.8.2)
    pusher-client (0.6.2)
      json
      websocket (~> 1.0)
    redis (3.2.1)
    redis-namespace (1.5.2)
      redis (~> 3.0, >= 3.0.4)
    ruboty (1.2.2)
      activesupport
      bundler
      dotenv
      mem
      slop
    ruboty-idobata (0.0.5)
      pusher-client
      ruboty
    ruboty-redis (0.0.6)
      redis
      redis-namespace
      ruboty
    slop (4.2.0)
    thread_safe (0.3.5)
    tzinfo (1.2.2)
      thread_safe (~> 0.1)
    websocket (1.2.2)

PLATFORMS
  ruby

DEPENDENCIES
  byebug
  fakeredis
  minitest
  ruboty
  ruboty-idobata
  ruboty-redis

BUNDLED WITH
   1.10.6
